PATH
  remote: .
  specs:
    visual_db (0.1.0)
      mysql (~> 2.9, >= 2.9.1)
      sinatra (~> 1.4, >= 1.4.5)
      vegas (~> 0.1, >= 0.1.11)

GEM
  remote: https://rubygems.org/
  specs:
    mysql (2.9.1)
    rack (1.6.0)
    rack-protection (1.5.3)
      rack
    rake (10.4.2)
    sinatra (1.4.5)
      rack (~> 1.4)
      rack-protection (~> 1.4)
      tilt (~> 1.3, >= 1.3.4)
    tilt (1.4.1)
    vegas (0.1.11)
      rack (>= 1.0.0)

PLATFORMS
  ruby

DEPENDENCIES
  bundler (~> 1.7)
  rake (~> 10.0)
  visual_db!
