PATH
  remote: .
  specs:
    visual_db (0.1.2)
      mysql (~> 2.9, >= 2.9.1)
      sinatra (~> 1.4, >= 1.4.5)
      vegas (~> 0.1, >= 0.1.11)

GEM
  remote: https://rubygems.org/
  specs:
    minitest (5.6.1)
    mysql (2.9.1)
    rack (1.6.0)
    rack-protection (1.5.3)
      rack
    rack-test (0.6.3)
      rack (>= 1.0)
    rake (10.4.2)
    sinatra (1.4.6)
      rack (~> 1.4)
      rack-protection (~> 1.4)
      tilt (>= 1.3, < 3)
    tilt (2.0.1)
    vegas (0.1.11)
      rack (>= 1.0.0)

PLATFORMS
  ruby

DEPENDENCIES
  bundler (~> 1.7)
  minitest
  rack-test (~> 0.6.3)
  rake (~> 10.0)
  tilt
  visual_db!
